GEM
  remote: https://rubygems.org/
  specs:
    cowsay (5.3.1)

PLATFORMS
  ruby

DEPENDENCIES
  cowsay (~> 5.3.1)

BUNDLED WITH
   2.3.12
