GEM
  remote: https://rubygems.org/
  specs:
    down (5.3.1)

PLATFORMS
  ruby

DEPENDENCIES
  down (~> 5.3.1)

BUNDLED WITH
   2.3.12
